GEM
  remote: https://rubygems.org/
  specs:
    actionpack (8.0.1)
      actionview (= 8.0.1)
      activesupport (= 8.0.1)
      nokogiri (>= 1.8.5)
      rack (>= 2.2.4)
      rack-session (>= 1.0.1)
      rack-test (>= 0.6.3)
      rails-dom-testing (~> 2.2)
      rails-html-sanitizer (~> 1.6)
      useragent (~> 0.16)
    actionview (8.0.1)
      activesupport (= 8.0.1)
      builder (~> 3.1)
      erubi (~> 1.11)
      rails-dom-testing (~> 2.2)
      rails-html-sanitizer (~> 1.6)
    activemodel (8.0.1)
      activesupport (= 8.0.1)
    activesupport (8.0.1)
      base64
      benchmark (>= 0.3)
      bigdecimal
      concurrent-ruby (~> 1.0, >= 1.3.1)
      connection_pool (>= 2.2.5)
      drb
      i18n (>= 1.6, < 2)
      logger (>= 1.4.2)
      minitest (>= 5.1)
      securerandom (>= 0.3)
      tzinfo (~> 2.0, >= 2.0.5)
      uri (>= 0.13.1)
    addressable (2.8.7)
      public_suffix (>= 2.0.2, < 7.0)
    amq-protocol (2.3.2)
    ast (2.4.2)
    base64 (0.2.0)
    benchmark (0.4.0)
    bigdecimal (3.1.9)
    bootsnap (1.18.4)
      msgpack (~> 1.2)
    brakeman (7.0.0)
      racc
    builder (3.3.0)
    bunny (2.23.0)
      amq-protocol (~> 2.3, >= 2.3.1)
      sorted_set (~> 1, >= 1.0.2)
    capybara (3.40.0)
      addressable
      matrix
      mini_mime (>= 0.1.3)
      nokogiri (~> 1.11)
      rack (>= 1.6.0)
      rack-test (>= 0.6.3)
      regexp_parser (>= 1.5, < 3.0)
      xpath (~> 3.2)
    concurrent-ruby (1.3.5)
    connection_pool (2.5.0)
    crass (1.0.6)
    csv (3.3.2)
    date (3.4.1)
    debug (1.10.0)
      irb (~> 1.10)
      reline (>= 0.3.8)
    diff-lcs (1.5.1)
    docile (1.4.1)
    drb (2.2.1)
    erubi (1.13.1)
    faraday (2.12.2)
      faraday-net_http (>= 2.0, < 3.5)
      json
      logger
    faraday-net_http (3.4.0)
      net-http (>= 0.5.0)
    faraday-retry (2.2.1)
      faraday (~> 2.0)
    gapic-common (0.25.0)
      faraday (>= 1.9, < 3.a)
      faraday-retry (>= 1.0, < 3.a)
      google-cloud-env (~> 2.2)
      google-logging-utils (~> 0.1)
      google-protobuf (>= 3.25, < 5.a)
      googleapis-common-protos (~> 1.6)
      googleapis-common-protos-types (~> 1.15)
      googleauth (~> 1.12)
      grpc (~> 1.66)
    google-cloud-core (1.7.1)
      google-cloud-env (>= 1.0, < 3.a)
      google-cloud-errors (~> 1.0)
    google-cloud-discovery_engine (2.0.0)
      google-cloud-core (~> 1.6)
      google-cloud-discovery_engine-v1 (~> 2.0)
    google-cloud-discovery_engine-v1 (2.0.0)
      gapic-common (>= 0.25.0, < 2.a)
      google-cloud-errors (~> 1.0)
      google-cloud-location (>= 0.7, < 2.a)
    google-cloud-env (2.2.1)
      faraday (>= 1.0, < 3.a)
    google-cloud-errors (1.4.0)
    google-cloud-location (0.10.0)
      gapic-common (>= 0.25.0, < 2.a)
      google-cloud-errors (~> 1.0)
    google-logging-utils (0.1.0)
    google-protobuf (4.29.3-aarch64-linux)
      bigdecimal
      rake (>= 13)
    google-protobuf (4.29.3-arm64-darwin)
      bigdecimal
      rake (>= 13)
    google-protobuf (4.29.3-x86_64-darwin)
      bigdecimal
      rake (>= 13)
    google-protobuf (4.29.3-x86_64-linux)
      bigdecimal
      rake (>= 13)
    googleapis-common-protos (1.6.0)
      google-protobuf (>= 3.18, < 5.a)
      googleapis-common-protos-types (~> 1.7)
      grpc (~> 1.41)
    googleapis-common-protos-types (1.18.0)
      google-protobuf (>= 3.18, < 5.a)
    googleauth (1.13.1)
      faraday (>= 1.0, < 3.a)
      google-cloud-env (~> 2.2)
      google-logging-utils (~> 0.1)
      jwt (>= 1.4, < 3.0)
      multi_json (~> 1.11)
      os (>= 0.9, < 2.0)
      signet (>= 0.16, < 2.a)
    govuk_app_config (9.16.2)
      logstasher (~> 2.1)
      opentelemetry-exporter-otlp (>= 0.25, < 0.30)
      opentelemetry-instrumentation-all (>= 0.39.1, < 0.74.0)
      opentelemetry-sdk (~> 1.2)
      plek (>= 4, < 6)
      prometheus_exporter (~> 2.0)
      puma (>= 5.6, < 7.0)
      rack-proxy (~> 0.7)
      sentry-rails (~> 5.3)
      sentry-ruby (~> 5.3)
      statsd-ruby (~> 1.5)
    govuk_message_queue_consumer (5.0.1)
      bunny (~> 2.17)
    govuk_test (4.1.0)
      brakeman (>= 5.0.2)
      capybara (>= 3.36)
      puma
      selenium-webdriver (>= 4.0)
    grpc (1.70.1-aarch64-linux)
      google-protobuf (>= 3.25, < 5.0)
      googleapis-common-protos-types (~> 1.0)
    grpc (1.70.1-arm64-darwin)
      google-protobuf (>= 3.25, < 5.0)
      googleapis-common-protos-types (~> 1.0)
    grpc (1.70.1-x86_64-darwin)
      google-protobuf (>= 3.25, < 5.0)
      googleapis-common-protos-types (~> 1.0)
    grpc (1.70.1-x86_64-linux)
      google-protobuf (>= 3.25, < 5.0)
      googleapis-common-protos-types (~> 1.0)
    grpc_mock (0.4.6)
      grpc (>= 1.12.0, < 2)
    hana (1.3.7)
    i18n (1.14.7)
      concurrent-ruby (~> 1.0)
    io-console (0.8.0)
    irb (1.15.1)
      pp (>= 0.6.0)
      rdoc (>= 4.0.0)
      reline (>= 0.4.2)
    json (2.10.1)
    json_schemer (2.4.0)
      bigdecimal
      hana (~> 1.3)
      regexp_parser (~> 2.0)
      simpleidn (~> 0.2)
    jsonpath (1.1.5)
      multi_json
    jwt (2.10.1)
      base64
    language_server-protocol (3.17.0.3)
    logger (1.6.6)
    logstasher (2.1.5)
      activesupport (>= 5.2)
      request_store
    loofah (2.24.0)
      crass (~> 1.0.2)
      nokogiri (>= 1.12.0)
    matrix (0.4.2)
    mini_mime (1.1.5)
    minitest (5.25.4)
    msgpack (1.7.5)
    multi_json (1.15.0)
    net-http (0.6.0)
      uri
    nio4r (2.7.4)
    nokogiri (1.18.2-aarch64-linux-gnu)
      racc (~> 1.4)
    nokogiri (1.18.2-arm64-darwin)
      racc (~> 1.4)
    nokogiri (1.18.2-x86_64-darwin)
      racc (~> 1.4)
    nokogiri (1.18.2-x86_64-linux-gnu)
      racc (~> 1.4)
    opentelemetry-api (1.4.0)
    opentelemetry-common (0.21.0)
      opentelemetry-api (~> 1.0)
    opentelemetry-exporter-otlp (0.29.1)
      google-protobuf (>= 3.18)
      googleapis-common-protos-types (~> 1.3)
      opentelemetry-api (~> 1.1)
      opentelemetry-common (~> 0.20)
      opentelemetry-sdk (~> 1.2)
      opentelemetry-semantic_conventions
    opentelemetry-helpers-mysql (0.2.0)
      opentelemetry-api (~> 1.0)
      opentelemetry-common (~> 0.21)
    opentelemetry-helpers-sql-obfuscation (0.3.0)
      opentelemetry-common (~> 0.21)
    opentelemetry-instrumentation-action_mailer (0.4.0)
      opentelemetry-api (~> 1.0)
      opentelemetry-instrumentation-active_support (~> 0.7)
      opentelemetry-instrumentation-base (~> 0.23.0)
    opentelemetry-instrumentation-action_pack (0.12.0)
      opentelemetry-api (~> 1.0)
      opentelemetry-instrumentation-base (~> 0.23.0)
      opentelemetry-instrumentation-rack (~> 0.21)
    opentelemetry-instrumentation-action_view (0.9.0)
      opentelemetry-api (~> 1.0)
      opentelemetry-instrumentation-active_support (~> 0.7)
      opentelemetry-instrumentation-base (~> 0.23.0)
    opentelemetry-instrumentation-active_job (0.8.0)
      opentelemetry-api (~> 1.0)
      opentelemetry-instrumentation-base (~> 0.23.0)
    opentelemetry-instrumentation-active_model_serializers (0.22.0)
      opentelemetry-api (~> 1.0)
      opentelemetry-instrumentation-active_support (>= 0.7.0)
      opentelemetry-instrumentation-base (~> 0.23.0)
    opentelemetry-instrumentation-active_record (0.9.0)
      opentelemetry-api (~> 1.0)
      opentelemetry-instrumentation-base (~> 0.23.0)
    opentelemetry-instrumentation-active_storage (0.1.0)
      opentelemetry-api (~> 1.4.0)
      opentelemetry-instrumentation-active_support (~> 0.7)
      opentelemetry-instrumentation-base (~> 0.23.0)
    opentelemetry-instrumentation-active_support (0.8.0)
      opentelemetry-api (~> 1.0)
      opentelemetry-instrumentation-base (~> 0.23.0)
    opentelemetry-instrumentation-all (0.73.1)
      opentelemetry-instrumentation-active_model_serializers (~> 0.22.0)
      opentelemetry-instrumentation-aws_lambda (~> 0.3.0)
      opentelemetry-instrumentation-aws_sdk (~> 0.8.0)
      opentelemetry-instrumentation-bunny (~> 0.22.0)
      opentelemetry-instrumentation-concurrent_ruby (~> 0.22.0)
      opentelemetry-instrumentation-dalli (~> 0.26.0)
      opentelemetry-instrumentation-delayed_job (~> 0.23.0)
      opentelemetry-instrumentation-ethon (~> 0.22.0)
      opentelemetry-instrumentation-excon (~> 0.23.0)
      opentelemetry-instrumentation-faraday (~> 0.26.0)
      opentelemetry-instrumentation-grape (~> 0.3.0)
      opentelemetry-instrumentation-graphql (~> 0.29.0)
      opentelemetry-instrumentation-gruf (~> 0.3.0)
      opentelemetry-instrumentation-http (~> 0.24.0)
      opentelemetry-instrumentation-http_client (~> 0.23.0)
      opentelemetry-instrumentation-koala (~> 0.21.0)
      opentelemetry-instrumentation-lmdb (~> 0.23.0)
      opentelemetry-instrumentation-mongo (~> 0.23.0)
      opentelemetry-instrumentation-mysql2 (~> 0.29.0)
      opentelemetry-instrumentation-net_http (~> 0.23.0)
      opentelemetry-instrumentation-pg (~> 0.30.0)
      opentelemetry-instrumentation-que (~> 0.9.0)
      opentelemetry-instrumentation-racecar (~> 0.4.0)
      opentelemetry-instrumentation-rack (~> 0.26.0)
      opentelemetry-instrumentation-rails (~> 0.36.0)
      opentelemetry-instrumentation-rake (~> 0.3.0)
      opentelemetry-instrumentation-rdkafka (~> 0.5.0)
      opentelemetry-instrumentation-redis (~> 0.26.1)
      opentelemetry-instrumentation-resque (~> 0.6.0)
      opentelemetry-instrumentation-restclient (~> 0.23.0)
      opentelemetry-instrumentation-ruby_kafka (~> 0.22.0)
      opentelemetry-instrumentation-sidekiq (~> 0.26.0)
      opentelemetry-instrumentation-sinatra (~> 0.25.0)
      opentelemetry-instrumentation-trilogy (~> 0.61.0)
    opentelemetry-instrumentation-aws_lambda (0.3.0)
      opentelemetry-api (~> 1.0)
      opentelemetry-instrumentation-base (~> 0.23.0)
    opentelemetry-instrumentation-aws_sdk (0.8.0)
      opentelemetry-api (~> 1.0)
      opentelemetry-instrumentation-base (~> 0.23.0)
    opentelemetry-instrumentation-base (0.23.0)
      opentelemetry-api (~> 1.0)
      opentelemetry-common (~> 0.21)
      opentelemetry-registry (~> 0.1)
    opentelemetry-instrumentation-bunny (0.22.0)
      opentelemetry-api (~> 1.0)
      opentelemetry-instrumentation-base (~> 0.23.0)
    opentelemetry-instrumentation-concurrent_ruby (0.22.0)
      opentelemetry-api (~> 1.0)
      opentelemetry-instrumentation-base (~> 0.23.0)
    opentelemetry-instrumentation-dalli (0.26.0)
      opentelemetry-api (~> 1.0)
      opentelemetry-instrumentation-base (~> 0.23.0)
    opentelemetry-instrumentation-delayed_job (0.23.0)
      opentelemetry-api (~> 1.0)
      opentelemetry-instrumentation-base (~> 0.23.0)
    opentelemetry-instrumentation-ethon (0.22.0)
      opentelemetry-api (~> 1.0)
      opentelemetry-instrumentation-base (~> 0.23.0)
    opentelemetry-instrumentation-excon (0.23.0)
      opentelemetry-api (~> 1.0)
      opentelemetry-instrumentation-base (~> 0.23.0)
    opentelemetry-instrumentation-faraday (0.26.0)
      opentelemetry-api (~> 1.0)
      opentelemetry-instrumentation-base (~> 0.23.0)
    opentelemetry-instrumentation-grape (0.3.0)
      opentelemetry-api (~> 1.0)
      opentelemetry-instrumentation-base (~> 0.23.0)
      opentelemetry-instrumentation-rack (~> 0.21)
    opentelemetry-instrumentation-graphql (0.29.0)
      opentelemetry-api (~> 1.0)
      opentelemetry-instrumentation-base (~> 0.23.0)
    opentelemetry-instrumentation-gruf (0.3.0)
      opentelemetry-api (>= 1.0.0)
      opentelemetry-instrumentation-base (~> 0.23.0)
    opentelemetry-instrumentation-http (0.24.0)
      opentelemetry-api (~> 1.0)
      opentelemetry-instrumentation-base (~> 0.23.0)
    opentelemetry-instrumentation-http_client (0.23.0)
      opentelemetry-api (~> 1.0)
      opentelemetry-instrumentation-base (~> 0.23.0)
    opentelemetry-instrumentation-koala (0.21.0)
      opentelemetry-api (~> 1.0)
      opentelemetry-instrumentation-base (~> 0.23.0)
    opentelemetry-instrumentation-lmdb (0.23.0)
      opentelemetry-api (~> 1.0)
      opentelemetry-instrumentation-base (~> 0.23.0)
    opentelemetry-instrumentation-mongo (0.23.0)
      opentelemetry-api (~> 1.0)
      opentelemetry-instrumentation-base (~> 0.23.0)
    opentelemetry-instrumentation-mysql2 (0.29.0)
      opentelemetry-api (~> 1.0)
      opentelemetry-helpers-mysql
      opentelemetry-helpers-sql-obfuscation
      opentelemetry-instrumentation-base (~> 0.23.0)
    opentelemetry-instrumentation-net_http (0.23.0)
      opentelemetry-api (~> 1.0)
      opentelemetry-instrumentation-base (~> 0.23.0)
    opentelemetry-instrumentation-pg (0.30.0)
      opentelemetry-api (~> 1.0)
      opentelemetry-helpers-sql-obfuscation
      opentelemetry-instrumentation-base (~> 0.23.0)
    opentelemetry-instrumentation-que (0.9.0)
      opentelemetry-api (~> 1.0)
      opentelemetry-instrumentation-base (~> 0.23.0)
    opentelemetry-instrumentation-racecar (0.4.0)
      opentelemetry-api (~> 1.0)
      opentelemetry-instrumentation-base (~> 0.23.0)
    opentelemetry-instrumentation-rack (0.26.0)
      opentelemetry-api (~> 1.0)
      opentelemetry-instrumentation-base (~> 0.23.0)
    opentelemetry-instrumentation-rails (0.36.0)
      opentelemetry-api (~> 1.0)
      opentelemetry-instrumentation-action_mailer (~> 0.4.0)
      opentelemetry-instrumentation-action_pack (~> 0.12.0)
      opentelemetry-instrumentation-action_view (~> 0.9.0)
      opentelemetry-instrumentation-active_job (~> 0.8.0)
      opentelemetry-instrumentation-active_record (~> 0.9.0)
      opentelemetry-instrumentation-active_storage (~> 0.1.0)
      opentelemetry-instrumentation-active_support (~> 0.8.0)
      opentelemetry-instrumentation-base (~> 0.23.0)
      opentelemetry-instrumentation-concurrent_ruby (~> 0.22.0)
    opentelemetry-instrumentation-rake (0.3.0)
      opentelemetry-api (~> 1.0)
      opentelemetry-instrumentation-base (~> 0.23.0)
    opentelemetry-instrumentation-rdkafka (0.5.0)
      opentelemetry-api (~> 1.0)
      opentelemetry-instrumentation-base (~> 0.23.0)
    opentelemetry-instrumentation-redis (0.26.1)
      opentelemetry-api (~> 1.0)
      opentelemetry-instrumentation-base (~> 0.23.0)
    opentelemetry-instrumentation-resque (0.6.0)
      opentelemetry-api (~> 1.0)
      opentelemetry-instrumentation-base (~> 0.23.0)
    opentelemetry-instrumentation-restclient (0.23.0)
      opentelemetry-api (~> 1.0)
      opentelemetry-instrumentation-base (~> 0.23.0)
    opentelemetry-instrumentation-ruby_kafka (0.22.0)
      opentelemetry-api (~> 1.0)
      opentelemetry-instrumentation-base (~> 0.23.0)
    opentelemetry-instrumentation-sidekiq (0.26.0)
      opentelemetry-api (~> 1.0)
      opentelemetry-instrumentation-base (~> 0.23.0)
    opentelemetry-instrumentation-sinatra (0.25.0)
      opentelemetry-api (~> 1.0)
      opentelemetry-instrumentation-base (~> 0.23.0)
      opentelemetry-instrumentation-rack (~> 0.21)
    opentelemetry-instrumentation-trilogy (0.61.0)
      opentelemetry-api (~> 1.0)
      opentelemetry-helpers-mysql
      opentelemetry-helpers-sql-obfuscation
      opentelemetry-instrumentation-base (~> 0.23.0)
      opentelemetry-semantic_conventions (>= 1.8.0)
    opentelemetry-registry (0.3.1)
      opentelemetry-api (~> 1.1)
    opentelemetry-sdk (1.7.0)
      opentelemetry-api (~> 1.1)
      opentelemetry-common (~> 0.20)
      opentelemetry-registry (~> 0.2)
      opentelemetry-semantic_conventions
    opentelemetry-semantic_conventions (1.10.1)
      opentelemetry-api (~> 1.0)
    os (1.1.4)
    parallel (1.26.3)
    parser (3.3.7.0)
      ast (~> 2.4.1)
      racc
    plek (5.2.0)
    pp (0.6.2)
      prettyprint
    prettyprint (0.2.0)
    prometheus-client (4.2.4)
      base64
    prometheus_exporter (2.2.0)
      webrick
    psych (5.2.3)
      date
      stringio
    public_suffix (6.0.1)
    puma (6.6.0)
      nio4r (~> 2.0)
    racc (1.8.1)
    rack (3.1.10)
    rack-proxy (0.7.7)
      rack
    rack-session (2.1.0)
      base64 (>= 0.1.0)
      rack (>= 3.0.0)
    rack-test (2.2.0)
      rack (>= 1.3)
    rackup (2.2.1)
      rack (>= 3)
    rails-dom-testing (2.2.0)
      activesupport (>= 5.0.0)
      minitest
      nokogiri (>= 1.6)
    rails-html-sanitizer (1.6.2)
      loofah (~> 2.21)
      nokogiri (>= 1.15.7, != 1.16.7, != 1.16.6, != 1.16.5, != 1.16.4, != 1.16.3, != 1.16.2, != 1.16.1, != 1.16.0.rc1, != 1.16.0)
    railties (8.0.1)
      actionpack (= 8.0.1)
      activesupport (= 8.0.1)
      irb (~> 1.13)
      rackup (>= 1.0.0)
      rake (>= 12.2)
      thor (~> 1.0, >= 1.2.2)
      zeitwerk (~> 2.6)
    rainbow (3.1.1)
    rake (13.2.1)
    rbtree (0.4.6)
    rdoc (6.12.0)
      psych (>= 4.0.0)
    redis (5.3.0)
      redis-client (>= 0.22.0)
    redis-client (0.23.0)
      connection_pool
    redlock (2.0.6)
      redis-client (>= 0.14.1, < 1.0.0)
    regexp_parser (2.10.0)
    reline (0.6.0)
      io-console (~> 0.5)
    request_store (1.7.0)
      rack (>= 1.4)
    rexml (3.4.0)
    rspec-core (3.13.3)
      rspec-support (~> 3.13.0)
    rspec-expectations (3.13.3)
      diff-lcs (>= 1.2.0, < 2.0)
      rspec-support (~> 3.13.0)
    rspec-mocks (3.13.2)
      diff-lcs (>= 1.2.0, < 2.0)
      rspec-support (~> 3.13.0)
    rspec-rails (7.1.1)
      actionpack (>= 7.0)
      activesupport (>= 7.0)
      railties (>= 7.0)
      rspec-core (~> 3.13)
      rspec-expectations (~> 3.13)
      rspec-mocks (~> 3.13)
      rspec-support (~> 3.13)
    rspec-support (3.13.2)
    rubocop (1.70.0)
      json (~> 2.3)
      language_server-protocol (>= 3.17.0)
      parallel (~> 1.10)
      parser (>= 3.3.0.2)
      rainbow (>= 2.2.2, < 4.0)
      regexp_parser (>= 2.9.3, < 3.0)
      rubocop-ast (>= 1.36.2, < 2.0)
      ruby-progressbar (~> 1.7)
      unicode-display_width (>= 2.4.0, < 4.0)
    rubocop-ast (1.37.0)
      parser (>= 3.3.1.0)
    rubocop-capybara (2.21.0)
      rubocop (~> 1.41)
    rubocop-govuk (5.0.8)
      rubocop (= 1.70.0)
      rubocop-ast (= 1.37.0)
      rubocop-capybara (= 2.21.0)
      rubocop-rails (= 2.28.0)
      rubocop-rake (= 0.6.0)
      rubocop-rspec (= 3.3.0)
    rubocop-rails (2.28.0)
      activesupport (>= 4.2.0)
      rack (>= 1.1)
      rubocop (>= 1.52.0, < 2.0)
      rubocop-ast (>= 1.31.1, < 2.0)
    rubocop-rake (0.6.0)
      rubocop (~> 1.0)
    rubocop-rspec (3.3.0)
      rubocop (~> 1.61)
    ruby-progressbar (1.13.0)
    rubyzip (2.4.1)
    securerandom (0.4.1)
    selenium-webdriver (4.27.0)
      base64 (~> 0.2)
      logger (~> 1.4)
      rexml (~> 3.2, >= 3.2.5)
      rubyzip (>= 1.2.2, < 3.0)
      websocket (~> 1.0)
    sentry-rails (5.22.4)
      railties (>= 5.0)
      sentry-ruby (~> 5.22.4)
    sentry-ruby (5.22.4)
      bigdecimal
      concurrent-ruby (~> 1.0, >= 1.0.2)
    set (1.1.1)
    signet (0.19.0)
      addressable (~> 2.8)
      faraday (>= 0.17.5, < 3.a)
      jwt (>= 1.5, < 3.0)
      multi_json (~> 1.10)
    simplecov (0.22.0)
      docile (~> 1.1)
      simplecov-html (~> 0.11)
      simplecov_json_formatter (~> 0.1)
    simplecov-html (0.13.1)
    simplecov_json_formatter (0.1.4)
    simpleidn (0.2.3)
    sorted_set (1.0.3)
      rbtree
      set (~> 1.0)
    statsd-ruby (1.5.0)
    stringio (3.1.2)
    thor (1.3.2)
    timecop (0.9.10)
    tzinfo (2.0.6)
      concurrent-ruby (~> 1.0)
    unicode-display_width (3.1.4)
      unicode-emoji (~> 4.0, >= 4.0.4)
    unicode-emoji (4.0.4)
    uri (1.0.2)
    useragent (0.16.11)
    webrick (1.9.1)
    websocket (1.2.11)
    xpath (3.2.0)
      nokogiri (~> 1.8)
    zeitwerk (2.7.1)

PLATFORMS
  aarch64-linux
  arm64-darwin-23
  x86_64-darwin-22
  x86_64-linux

DEPENDENCIES
  actionpack (= 8.0.1)
  activemodel (= 8.0.1)
  activesupport (= 8.0.1)
  bootsnap
  brakeman
  connection_pool
  csv
  debug
  google-cloud-discovery_engine
  govuk_app_config
  govuk_message_queue_consumer
  govuk_test
  grpc_mock
  json_schemer
  jsonpath
  loofah
  prometheus-client
  railties (= 8.0.1)
  redis
  redlock
  rspec-rails
  rubocop-govuk
  simplecov
  timecop

BUNDLED WITH
   2.6.2
