GEM
  remote: https://rubygems.org/
  specs:
    actionpack (8.0.1)
      actionview (= 8.0.1)
      activesupport (= 8.0.1)
      nokogiri (>= 1.8.5)
      rack (>= 2.2.4)
      rack-session (>= 1.0.1)
      rack-test (>= 0.6.3)
      rails-dom-testing (~> 2.2)
      rails-html-sanitizer (~> 1.6)
      useragent (~> 0.16)
    actionview (8.0.1)
      activesupport (= 8.0.1)
      builder (~> 3.1)
      erubi (~> 1.11)
      rails-dom-testing (~> 2.2)
      rails-html-sanitizer (~> 1.6)
    activemodel (8.0.1)
      activesupport (= 8.0.1)
    activesupport (8.0.1)
      base64
      benchmark (>= 0.3)
      bigdecimal
      concurrent-ruby (~> 1.0, >= 1.3.1)
      connection_pool (>= 2.2.5)
      drb
      i18n (>= 1.6, < 2)
      logger (>= 1.4.2)
      minitest (>= 5.1)
      securerandom (>= 0.3)
      tzinfo (~> 2.0, >= 2.0.5)
      uri (>= 0.13.1)
    addressable (2.8.7)
      public_suffix (>= 2.0.2, < 7.0)
    amq-protocol (2.3.3)
    ast (2.4.3)
    base64 (0.3.0)
    benchmark (0.4.1)
    bigdecimal (3.3.0)
    bootsnap (1.18.6)
      msgpack (~> 1.2)
    brakeman (7.1.0)
      racc
    builder (3.3.0)
    bunny (2.24.0)
      amq-protocol (~> 2.3)
      sorted_set (~> 1, >= 1.0.2)
    capybara (3.40.0)
      addressable
      matrix
      mini_mime (>= 0.1.3)
      nokogiri (~> 1.11)
      rack (>= 1.6.0)
      rack-test (>= 0.6.3)
      regexp_parser (>= 1.5, < 3.0)
      xpath (~> 3.2)
    climate_control (1.2.0)
    concurrent-ruby (1.3.5)
    connection_pool (2.5.4)
    crass (1.0.6)
    csv (3.3.5)
    date (3.4.1)
    debug (1.11.0)
      irb (~> 1.10)
      reline (>= 0.3.8)
    declarative (0.0.20)
    diff-lcs (1.6.2)
    digest-crc (0.7.0)
      rake (>= 12.0.0, < 14.0.0)
    docile (1.4.1)
    drb (2.2.3)
    erb (5.0.3)
    erubi (1.13.1)
    faraday (2.13.2)
      faraday-net_http (>= 2.0, < 3.5)
      json
      logger
    faraday-follow_redirects (0.3.0)
      faraday (>= 1, < 3)
    faraday-net_http (3.4.1)
      net-http (>= 0.5.0)
    faraday-retry (2.3.2)
      faraday (~> 2.0)
    gapic-common (1.0.0)
      faraday (>= 1.9, < 3.a)
      faraday-retry (>= 1.0, < 3.a)
      google-cloud-env (~> 2.2)
      google-logging-utils (~> 0.1)
      google-protobuf (>= 3.25, < 5.a)
      googleapis-common-protos (~> 1.6)
      googleapis-common-protos-types (~> 1.15)
      googleauth (~> 1.12)
      grpc (~> 1.66)
    google-apis-core (1.0.1)
      addressable (~> 2.8, >= 2.8.7)
      faraday (~> 2.13)
      faraday-follow_redirects (~> 0.3)
      googleauth (~> 1.14)
      mini_mime (~> 1.1)
      representable (~> 3.0)
      retriable (~> 3.1)
    google-apis-iamcredentials_v1 (0.24.0)
      google-apis-core (>= 0.15.0, < 2.a)
    google-apis-storage_v1 (0.56.0)
      google-apis-core (>= 0.15.0, < 2.a)
    google-cloud-core (1.8.0)
      google-cloud-env (>= 1.0, < 3.a)
      google-cloud-errors (~> 1.0)
    google-cloud-discovery_engine (2.2.0)
      google-cloud-core (~> 1.6)
      google-cloud-discovery_engine-v1 (~> 2.0)
    google-cloud-discovery_engine-v1 (2.3.0)
      gapic-common (~> 1.0)
      google-cloud-errors (~> 1.0)
      google-cloud-location (~> 1.0)
    google-cloud-discovery_engine-v1beta (0.20.1)
      gapic-common (~> 1.0)
      google-cloud-errors (~> 1.0)
      google-cloud-location (~> 1.0)
    google-cloud-env (2.3.1)
      base64 (~> 0.2)
      faraday (>= 1.0, < 3.a)
    google-cloud-errors (1.5.0)
    google-cloud-location (1.1.0)
      gapic-common (~> 1.0)
      google-cloud-errors (~> 1.0)
    google-cloud-storage (1.57.0)
      addressable (~> 2.8)
      digest-crc (~> 0.4)
      google-apis-core (>= 0.18, < 2)
      google-apis-iamcredentials_v1 (~> 0.18)
      google-apis-storage_v1 (>= 0.42)
      google-cloud-core (~> 1.6)
      googleauth (~> 1.9)
      mini_mime (~> 1.0)
    google-logging-utils (0.2.0)
    google-protobuf (4.32.1-aarch64-linux-gnu)
      bigdecimal
      rake (>= 13)
    google-protobuf (4.32.1-arm64-darwin)
      bigdecimal
      rake (>= 13)
    google-protobuf (4.32.1-x86_64-darwin)
      bigdecimal
      rake (>= 13)
    google-protobuf (4.32.1-x86_64-linux-gnu)
      bigdecimal
      rake (>= 13)
    googleapis-common-protos (1.8.0)
      google-protobuf (>= 3.18, < 5.a)
      googleapis-common-protos-types (~> 1.20)
      grpc (~> 1.41)
    googleapis-common-protos-types (1.21.0)
      google-protobuf (~> 4.26)
    googleauth (1.14.0)
      faraday (>= 1.0, < 3.a)
      google-cloud-env (~> 2.2)
      google-logging-utils (~> 0.1)
      jwt (>= 1.4, < 3.0)
      multi_json (~> 1.11)
      os (>= 0.9, < 2.0)
      signet (>= 0.16, < 2.a)
    govuk_app_config (9.20.2)
      logstasher (~> 2.1)
      opentelemetry-exporter-otlp (>= 0.25, < 0.31)
      opentelemetry-instrumentation-all (>= 0.39.1, < 0.85.0)
      opentelemetry-sdk (~> 1.2)
      plek (>= 4, < 6)
      prometheus_exporter (~> 2.3)
      puma (>= 5.6, < 8.0)
      rack-proxy (~> 0.7)
      sentry-rails (~> 5.3)
      sentry-ruby (~> 5.3)
      statsd-ruby (~> 1.5)
    govuk_message_queue_consumer (6.0.0)
      bunny (~> 2.17)
      ostruct
    govuk_test (4.1.2)
      brakeman (>= 5.0.2)
      capybara (>= 3.36)
      puma
      selenium-webdriver (>= 4.0)
    grpc (1.73.0-aarch64-linux)
      google-protobuf (>= 3.25, < 5.0)
      googleapis-common-protos-types (~> 1.0)
    grpc (1.73.0-arm64-darwin)
      google-protobuf (>= 3.25, < 5.0)
      googleapis-common-protos-types (~> 1.0)
    grpc (1.73.0-x86_64-darwin)
      google-protobuf (>= 3.25, < 5.0)
      googleapis-common-protos-types (~> 1.0)
    grpc (1.73.0-x86_64-linux)
      google-protobuf (>= 3.25, < 5.0)
      googleapis-common-protos-types (~> 1.0)
    grpc_mock (0.4.6)
      grpc (>= 1.12.0, < 2)
    hana (1.3.7)
    i18n (1.14.7)
      concurrent-ruby (~> 1.0)
    io-console (0.8.1)
    irb (1.15.2)
      pp (>= 0.6.0)
      rdoc (>= 4.0.0)
      reline (>= 0.4.2)
    json (2.13.2)
    json_schemer (2.4.0)
      bigdecimal
      hana (~> 1.3)
      regexp_parser (~> 2.0)
      simpleidn (~> 0.2)
    jsonpath (1.1.5)
      multi_json
    jwt (2.10.2)
      base64
    language_server-protocol (3.17.0.5)
    lint_roller (1.1.0)
    logger (1.7.0)
    logstasher (2.1.5)
      activesupport (>= 5.2)
      request_store
    loofah (2.24.1)
      crass (~> 1.0.2)
      nokogiri (>= 1.12.0)
    matrix (0.4.2)
    mini_mime (1.1.5)
    minitest (5.25.5)
    msgpack (1.8.0)
    multi_json (1.16.0)
    net-http (0.6.0)
      uri
    nio4r (2.7.4)
    nokogiri (1.18.10-aarch64-linux-gnu)
      racc (~> 1.4)
    nokogiri (1.18.10-arm64-darwin)
      racc (~> 1.4)
    nokogiri (1.18.10-x86_64-darwin)
      racc (~> 1.4)
    nokogiri (1.18.10-x86_64-linux-gnu)
      racc (~> 1.4)
    opentelemetry-api (1.7.0)
    opentelemetry-common (0.22.0)
      opentelemetry-api (~> 1.0)
    opentelemetry-exporter-otlp (0.30.0)
      google-protobuf (>= 3.18)
      googleapis-common-protos-types (~> 1.3)
      opentelemetry-api (~> 1.1)
      opentelemetry-common (~> 0.20)
      opentelemetry-sdk (~> 1.2)
      opentelemetry-semantic_conventions
    opentelemetry-helpers-mysql (0.3.0)
      opentelemetry-api (~> 1.7)
      opentelemetry-common (~> 0.21)
    opentelemetry-helpers-sql (0.2.0)
      opentelemetry-api (~> 1.7)
    opentelemetry-helpers-sql-obfuscation (0.3.0)
      opentelemetry-common (~> 0.21)
    opentelemetry-instrumentation-action_mailer (0.5.0)
      opentelemetry-instrumentation-active_support (~> 0.7)
    opentelemetry-instrumentation-action_pack (0.14.1)
      opentelemetry-instrumentation-rack (~> 0.21)
    opentelemetry-instrumentation-action_view (0.10.0)
      opentelemetry-instrumentation-active_support (~> 0.7)
    opentelemetry-instrumentation-active_job (0.9.2)
      opentelemetry-instrumentation-base (~> 0.24)
    opentelemetry-instrumentation-active_model_serializers (0.23.0)
      opentelemetry-instrumentation-active_support (>= 0.7.0)
    opentelemetry-instrumentation-active_record (0.10.1)
      opentelemetry-instrumentation-base (~> 0.24)
    opentelemetry-instrumentation-active_storage (0.2.0)
      opentelemetry-instrumentation-active_support (~> 0.7)
    opentelemetry-instrumentation-active_support (0.9.1)
      opentelemetry-instrumentation-base (~> 0.24)
    opentelemetry-instrumentation-all (0.84.0)
      opentelemetry-instrumentation-active_model_serializers (~> 0.23.0)
      opentelemetry-instrumentation-anthropic (~> 0.2.0)
      opentelemetry-instrumentation-aws_lambda (~> 0.5.0)
      opentelemetry-instrumentation-aws_sdk (~> 0.9.0)
      opentelemetry-instrumentation-bunny (~> 0.23.0)
      opentelemetry-instrumentation-concurrent_ruby (~> 0.23.0)
      opentelemetry-instrumentation-dalli (~> 0.28.0)
      opentelemetry-instrumentation-delayed_job (~> 0.24.0)
      opentelemetry-instrumentation-ethon (~> 0.24.0)
      opentelemetry-instrumentation-excon (~> 0.25.0)
      opentelemetry-instrumentation-faraday (~> 0.29.0)
      opentelemetry-instrumentation-grape (~> 0.4.0)
      opentelemetry-instrumentation-graphql (~> 0.30.0)
      opentelemetry-instrumentation-grpc (~> 0.3.0)
      opentelemetry-instrumentation-gruf (~> 0.4.0)
      opentelemetry-instrumentation-http (~> 0.26.0)
      opentelemetry-instrumentation-http_client (~> 0.25.0)
      opentelemetry-instrumentation-httpx (~> 0.4.0)
      opentelemetry-instrumentation-koala (~> 0.22.0)
      opentelemetry-instrumentation-lmdb (~> 0.24.0)
      opentelemetry-instrumentation-mongo (~> 0.24.0)
      opentelemetry-instrumentation-mysql2 (~> 0.30.0)
      opentelemetry-instrumentation-net_http (~> 0.25.0)
      opentelemetry-instrumentation-pg (~> 0.31.0)
      opentelemetry-instrumentation-que (~> 0.10.0)
      opentelemetry-instrumentation-racecar (~> 0.5.0)
      opentelemetry-instrumentation-rack (~> 0.28.0)
      opentelemetry-instrumentation-rails (~> 0.38.0)
      opentelemetry-instrumentation-rake (~> 0.4.0)
      opentelemetry-instrumentation-rdkafka (~> 0.8.0)
      opentelemetry-instrumentation-redis (~> 0.27.0)
      opentelemetry-instrumentation-resque (~> 0.7.0)
      opentelemetry-instrumentation-restclient (~> 0.25.0)
      opentelemetry-instrumentation-ruby_kafka (~> 0.23.0)
      opentelemetry-instrumentation-sidekiq (~> 0.27.0)
      opentelemetry-instrumentation-sinatra (~> 0.27.0)
      opentelemetry-instrumentation-trilogy (~> 0.63.0)
    opentelemetry-instrumentation-anthropic (0.2.1)
      opentelemetry-instrumentation-base (~> 0.24)
    opentelemetry-instrumentation-aws_lambda (0.5.1)
      opentelemetry-instrumentation-base (~> 0.24)
    opentelemetry-instrumentation-aws_sdk (0.9.1)
      opentelemetry-instrumentation-base (~> 0.24)
    opentelemetry-instrumentation-base (0.24.0)
      opentelemetry-api (~> 1.7)
      opentelemetry-common (~> 0.21)
      opentelemetry-registry (~> 0.1)
    opentelemetry-instrumentation-bunny (0.23.1)
      opentelemetry-instrumentation-base (~> 0.24)
    opentelemetry-instrumentation-concurrent_ruby (0.23.1)
      opentelemetry-instrumentation-base (~> 0.24)
    opentelemetry-instrumentation-dalli (0.28.1)
      opentelemetry-instrumentation-base (~> 0.24)
    opentelemetry-instrumentation-delayed_job (0.24.1)
      opentelemetry-instrumentation-base (~> 0.24)
    opentelemetry-instrumentation-ethon (0.24.1)
      opentelemetry-instrumentation-base (~> 0.24)
    opentelemetry-instrumentation-excon (0.25.1)
      opentelemetry-instrumentation-base (~> 0.24)
    opentelemetry-instrumentation-faraday (0.29.1)
      opentelemetry-instrumentation-base (~> 0.24)
    opentelemetry-instrumentation-grape (0.4.0)
      opentelemetry-instrumentation-rack (~> 0.21)
    opentelemetry-instrumentation-graphql (0.30.1)
      opentelemetry-instrumentation-base (~> 0.24)
    opentelemetry-instrumentation-grpc (0.3.1)
      opentelemetry-instrumentation-base (~> 0.24)
    opentelemetry-instrumentation-gruf (0.4.1)
      opentelemetry-instrumentation-base (~> 0.24)
    opentelemetry-instrumentation-http (0.26.1)
      opentelemetry-instrumentation-base (~> 0.24)
    opentelemetry-instrumentation-http_client (0.25.1)
      opentelemetry-instrumentation-base (~> 0.24)
    opentelemetry-instrumentation-httpx (0.4.1)
      opentelemetry-instrumentation-base (~> 0.24)
    opentelemetry-instrumentation-koala (0.22.1)
      opentelemetry-instrumentation-base (~> 0.24)
    opentelemetry-instrumentation-lmdb (0.24.1)
      opentelemetry-instrumentation-base (~> 0.24)
    opentelemetry-instrumentation-mongo (0.24.1)
      opentelemetry-instrumentation-base (~> 0.24)
    opentelemetry-instrumentation-mysql2 (0.30.1)
      opentelemetry-helpers-mysql
      opentelemetry-helpers-sql
      opentelemetry-helpers-sql-obfuscation
      opentelemetry-instrumentation-base (~> 0.24)
    opentelemetry-instrumentation-net_http (0.25.1)
      opentelemetry-instrumentation-base (~> 0.24)
    opentelemetry-instrumentation-pg (0.31.1)
      opentelemetry-helpers-sql
      opentelemetry-helpers-sql-obfuscation
      opentelemetry-instrumentation-base (~> 0.24)
    opentelemetry-instrumentation-que (0.10.1)
      opentelemetry-instrumentation-base (~> 0.24)
    opentelemetry-instrumentation-racecar (0.5.1)
      opentelemetry-instrumentation-base (~> 0.24)
    opentelemetry-instrumentation-rack (0.28.2)
      opentelemetry-instrumentation-base (~> 0.24)
    opentelemetry-instrumentation-rails (0.38.0)
      opentelemetry-instrumentation-action_mailer (~> 0.4)
      opentelemetry-instrumentation-action_pack (~> 0.13)
      opentelemetry-instrumentation-action_view (~> 0.9)
      opentelemetry-instrumentation-active_job (~> 0.8)
      opentelemetry-instrumentation-active_record (~> 0.9)
      opentelemetry-instrumentation-active_storage (~> 0.1)
      opentelemetry-instrumentation-active_support (~> 0.8)
      opentelemetry-instrumentation-concurrent_ruby (~> 0.22)
    opentelemetry-instrumentation-rake (0.4.1)
      opentelemetry-instrumentation-base (~> 0.24)
    opentelemetry-instrumentation-rdkafka (0.8.1)
      opentelemetry-instrumentation-base (~> 0.24)
    opentelemetry-instrumentation-redis (0.27.1)
      opentelemetry-instrumentation-base (~> 0.24)
    opentelemetry-instrumentation-resque (0.7.1)
      opentelemetry-instrumentation-base (~> 0.24)
    opentelemetry-instrumentation-restclient (0.25.1)
      opentelemetry-instrumentation-base (~> 0.24)
    opentelemetry-instrumentation-ruby_kafka (0.23.1)
      opentelemetry-instrumentation-base (~> 0.24)
    opentelemetry-instrumentation-sidekiq (0.27.1)
      opentelemetry-instrumentation-base (~> 0.24)
    opentelemetry-instrumentation-sinatra (0.27.1)
      opentelemetry-instrumentation-rack (~> 0.21)
    opentelemetry-instrumentation-trilogy (0.63.1)
      opentelemetry-helpers-mysql
      opentelemetry-helpers-sql
      opentelemetry-helpers-sql-obfuscation
      opentelemetry-instrumentation-base (~> 0.24)
      opentelemetry-semantic_conventions (>= 1.8.0)
    opentelemetry-registry (0.4.0)
      opentelemetry-api (~> 1.1)
    opentelemetry-sdk (1.9.0)
      opentelemetry-api (~> 1.1)
      opentelemetry-common (~> 0.20)
      opentelemetry-registry (~> 0.2)
      opentelemetry-semantic_conventions
    opentelemetry-semantic_conventions (1.36.0)
      opentelemetry-api (~> 1.0)
    os (1.1.4)
    ostruct (0.6.1)
    parallel (1.27.0)
    parser (3.3.9.0)
      ast (~> 2.4.1)
      racc
    plek (5.2.2)
    pp (0.6.3)
      prettyprint
    prettyprint (0.2.0)
    prism (1.4.0)
    prometheus-client (4.2.5)
      base64
    prometheus_exporter (2.3.0)
      webrick
    psych (5.2.6)
      date
      stringio
    public_suffix (6.0.2)
    puma (7.0.4)
      nio4r (~> 2.0)
    racc (1.8.1)
    rack (3.2.2)
    rack-proxy (0.7.7)
      rack
    rack-session (2.1.1)
      base64 (>= 0.1.0)
      rack (>= 3.0.0)
    rack-test (2.2.0)
      rack (>= 1.3)
    rackup (2.2.1)
      rack (>= 3)
    rails-dom-testing (2.3.0)
      activesupport (>= 5.0.0)
      minitest
      nokogiri (>= 1.6)
    rails-html-sanitizer (1.6.2)
      loofah (~> 2.21)
      nokogiri (>= 1.15.7, != 1.16.7, != 1.16.6, != 1.16.5, != 1.16.4, != 1.16.3, != 1.16.2, != 1.16.1, != 1.16.0.rc1, != 1.16.0)
    railties (8.0.1)
      actionpack (= 8.0.1)
      activesupport (= 8.0.1)
      irb (~> 1.13)
      rackup (>= 1.0.0)
      rake (>= 12.2)
      thor (~> 1.0, >= 1.2.2)
      zeitwerk (~> 2.6)
    rainbow (3.1.1)
    rake (13.3.0)
    rbtree (0.4.6)
    rdoc (6.15.0)
      erb
      psych (>= 4.0.0)
      tsort
    redis (5.4.1)
      redis-client (>= 0.22.0)
    redis-client (0.25.1)
      connection_pool
    redlock (2.0.6)
      redis-client (>= 0.14.1, < 1.0.0)
    regexp_parser (2.11.2)
    reline (0.6.2)
      io-console (~> 0.5)
    representable (3.2.0)
      declarative (< 0.1.0)
      trailblazer-option (>= 0.1.1, < 0.2.0)
      uber (< 0.2.0)
    request_store (1.7.0)
      rack (>= 1.4)
    retriable (3.1.2)
    rexml (3.4.2)
    rspec-core (3.13.5)
      rspec-support (~> 3.13.0)
    rspec-expectations (3.13.5)
      diff-lcs (>= 1.2.0, < 2.0)
      rspec-support (~> 3.13.0)
    rspec-mocks (3.13.5)
      diff-lcs (>= 1.2.0, < 2.0)
      rspec-support (~> 3.13.0)
    rspec-rails (8.0.2)
      actionpack (>= 7.2)
      activesupport (>= 7.2)
      railties (>= 7.2)
      rspec-core (~> 3.13)
      rspec-expectations (~> 3.13)
      rspec-mocks (~> 3.13)
      rspec-support (~> 3.13)
    rspec-support (3.13.4)
    rubocop (1.79.2)
      json (~> 2.3)
      language_server-protocol (~> 3.17.0.2)
      lint_roller (~> 1.1.0)
      parallel (~> 1.10)
      parser (>= 3.3.0.2)
      rainbow (>= 2.2.2, < 4.0)
      regexp_parser (>= 2.9.3, < 3.0)
      rubocop-ast (>= 1.46.0, < 2.0)
      ruby-progressbar (~> 1.7)
      unicode-display_width (>= 2.4.0, < 4.0)
    rubocop-ast (1.46.0)
      parser (>= 3.3.7.2)
      prism (~> 1.4)
    rubocop-capybara (2.22.1)
      lint_roller (~> 1.1)
      rubocop (~> 1.72, >= 1.72.1)
    rubocop-govuk (5.1.20)
      rubocop (= 1.79.2)
      rubocop-ast (= 1.46.0)
      rubocop-capybara (= 2.22.1)
      rubocop-rails (= 2.33.3)
      rubocop-rake (= 0.7.1)
      rubocop-rspec (= 3.6.0)
    rubocop-rails (2.33.3)
      activesupport (>= 4.2.0)
      lint_roller (~> 1.1)
      rack (>= 1.1)
      rubocop (>= 1.75.0, < 2.0)
      rubocop-ast (>= 1.44.0, < 2.0)
    rubocop-rake (0.7.1)
      lint_roller (~> 1.1)
      rubocop (>= 1.72.1)
    rubocop-rspec (3.6.0)
      lint_roller (~> 1.1)
      rubocop (~> 1.72, >= 1.72.1)
    ruby-progressbar (1.13.0)
    rubyzip (2.4.1)
    securerandom (0.4.1)
    selenium-webdriver (4.32.0)
      base64 (~> 0.2)
      logger (~> 1.4)
      rexml (~> 3.2, >= 3.2.5)
      rubyzip (>= 1.2.2, < 3.0)
      websocket (~> 1.0)
    sentry-rails (5.28.0)
      railties (>= 5.0)
      sentry-ruby (~> 5.28.0)
    sentry-ruby (5.28.0)
      bigdecimal
      concurrent-ruby (~> 1.0, >= 1.0.2)
    set (1.1.1)
    signet (0.20.0)
      addressable (~> 2.8)
      faraday (>= 0.17.5, < 3.a)
      jwt (>= 1.5, < 3.0)
      multi_json (~> 1.10)
    simplecov (0.22.0)
      docile (~> 1.1)
      simplecov-html (~> 0.11)
      simplecov_json_formatter (~> 0.1)
    simplecov-html (0.13.1)
    simplecov_json_formatter (0.1.4)
    simpleidn (0.2.3)
    sorted_set (1.0.3)
      rbtree
      set (~> 1.0)
    statsd-ruby (1.5.0)
    stringio (3.1.7)
    thor (1.4.0)
    timecop (0.9.10)
    trailblazer-option (0.1.2)
    tsort (0.2.0)
    tzinfo (2.0.6)
      concurrent-ruby (~> 1.0)
    uber (0.1.0)
    unicode-display_width (3.1.5)
      unicode-emoji (~> 4.0, >= 4.0.4)
    unicode-emoji (4.0.4)
    uri (1.0.4)
    useragent (0.16.11)
    webrick (1.9.1)
    websocket (1.2.11)
    xpath (3.2.0)
      nokogiri (~> 1.8)
    zeitwerk (2.7.3)

PLATFORMS
  aarch64-linux
  arm64-darwin-23
  arm64-darwin-24
  x86_64-darwin-22
  x86_64-linux

DEPENDENCIES
  actionpack (= 8.0.1)
  activemodel (= 8.0.1)
  activesupport (= 8.0.1)
  bootsnap
  brakeman
  climate_control
  connection_pool
  csv
  debug
  google-cloud-discovery_engine (<= 2.2.0)
  google-cloud-discovery_engine-v1beta (<= 0.20.1)
  google-cloud-storage
  govuk_app_config
  govuk_message_queue_consumer
  govuk_test
  grpc_mock
  json_schemer
  jsonpath
  loofah
  prometheus-client
  railties (= 8.0.1)
  redis
  redlock
  rspec-rails
  rubocop-govuk
  simplecov
  timecop

BUNDLED WITH
   2.6.2
